GEM
  remote: https://rubygems.org/
  specs:
    addressable (2.3.8)
    aws-sdk (2.2.19)
      aws-sdk-resources (= 2.2.19)
    aws-sdk-core (2.2.19)
      jmespath (~> 1.0)
    aws-sdk-resources (2.2.19)
      aws-sdk-core (= 2.2.19)
    bcrypt (3.1.10)
    byebug (8.2.2)
    coderay (1.1.0)
    debian-control-parser (1.0)
    faraday (0.9.2)
      multipart-post (>= 1.2, < 3)
    httparty (0.21.0)
      mini_mime (>= 1.0.0)
      multi_xml (>= 0.5.2)
    jmespath (1.1.3)
    method_source (0.8.2)
    mini_mime (1.1.2)
    multi_xml (0.6.0)
    multipart-post (2.0.0)
    octokit (3.8.0)
      sawyer (~> 0.6.0, >= 0.5.3)
    pairing_heap (2.0.0)
    pry (0.10.3)
      coderay (~> 1.1.0)
      method_source (~> 0.8.1)
      slop (~> 3.4)
    pry-byebug (3.3.0)
      byebug (~> 8.0)
      pry (~> 0.10)
    rack (1.6.4)
    rack-protection (1.5.3)
      rack
    rexml (3.2.5)
    rgl (0.5.10)
      pairing_heap (>= 0.3.0)
      rexml (~> 3.2, >= 3.2.4)
      stream (~> 0.5.3)
    sawyer (0.6.0)
      addressable (~> 2.3.5)
      faraday (~> 0.8, < 0.10)
    shotgun (0.9.1)
      rack (>= 1.0)
    sinatra (1.4.7)
      rack (~> 1.5)
      rack-protection (~> 1.4)
      tilt (>= 1.3, < 3)
    slop (3.6.0)
    sqlite3 (1.3.10)
    stomp (1.3.4)
    stream (0.5.5)
    tilt (2.0.2)

PLATFORMS
  ruby

DEPENDENCIES
  aws-sdk
  bcrypt
  debian-control-parser
  httparty
  octokit
  pry
  pry-byebug
  rgl
  shotgun
  sinatra
  sqlite3
  stomp
