GEM
  remote: https://rubygems.org/
  specs:
    addressable (2.3.8)
    aws-sdk (2.2.19)
      aws-sdk-resources (= 2.2.19)
    aws-sdk-core (2.2.19)
      jmespath (~> 1.0)
    aws-sdk-resources (2.2.19)
      aws-sdk-core (= 2.2.19)
    bcrypt (3.1.10)
    byebug (8.2.2)
    coderay (1.1.0)
    debian-control-parser (1.0)
    faraday (0.9.2)
      multipart-post (>= 1.2, < 3)
    generator (0.0.1)
    httparty (0.13.7)
      json (~> 1.8)
      multi_xml (>= 0.5.2)
    jmespath (1.1.3)
    json (1.8.3)
    lazy_priority_queue (0.1.1)
    method_source (0.8.2)
    multi_xml (0.5.5)
    multipart-post (2.0.0)
    mustermann (1.1.1)
      ruby2_keywords (~> 0.0.1)
    octokit (3.8.0)
      sawyer (~> 0.6.0, >= 0.5.3)
    pry (0.10.3)
      coderay (~> 1.1.0)
      method_source (~> 0.8.1)
      slop (~> 3.4)
    pry-byebug (3.3.0)
      byebug (~> 8.0)
      pry (~> 0.10)
    rack (2.2.3)
    rack-protection (2.2.0)
      rack
    rgl (0.5.7)
      lazy_priority_queue (~> 0.1.0)
      stream (~> 0.5.3)
    ruby2_keywords (0.0.5)
    sawyer (0.6.0)
      addressable (~> 2.3.5)
      faraday (~> 0.8, < 0.10)
    shotgun (0.9.1)
      rack (>= 1.0)
    sinatra (2.2.0)
      mustermann (~> 1.0)
      rack (~> 2.2)
      rack-protection (= 2.2.0)
      tilt (~> 2.0)
    slop (3.6.0)
    sqlite3 (1.3.10)
    stomp (1.3.4)
    stream (0.5.3)
      generator
    tilt (2.0.10)

PLATFORMS
  ruby

DEPENDENCIES
  aws-sdk
  bcrypt
  debian-control-parser
  httparty
  octokit
  pry
  pry-byebug
  rgl
  shotgun
  sinatra
  sqlite3
  stomp
